GEM
  remote: https://rubygems.org/
  specs:
    aws-eventstream (1.0.3)
    aws-partitions (1.175.0)
    aws-sdk-apigateway (1.0.0)
      aws-sdk-core (~> 3)
      aws-sigv4 (~> 1.0)
    aws-sdk-core (3.55.0)
      aws-eventstream (~> 1.0, >= 1.0.2)
      aws-partitions (~> 1.0)
      aws-sigv4 (~> 1.1)
      jmespath (~> 1.0)
    aws-sigv4 (1.1.0)
      aws-eventstream (~> 1.0, >= 1.0.2)
    equatable (0.5.0)
    jmespath (1.4.0)
    metaclass (0.0.4)
    minitest (5.11.3)
    minitest-hooks (1.5.0)
      minitest (> 5.3)
    mocha (1.8.0)
      metaclass (~> 0.0.1)
    pastel (0.7.2)
      equatable (~> 0.5.0)
      tty-color (~> 0.4.0)
    rake (12.3.3)
    tty-color (0.4.3)
    tty-cursor (0.6.1)
    tty-spinner (0.9.0)
      tty-cursor (~> 0.6.0)

PLATFORMS
  ruby

DEPENDENCIES
  aws-sdk-apigateway (~> 1.0.0.rc7)
  minitest (= 5.11.3)
  minitest-hooks (= 1.5.0)
  mocha (= 1.8.0)
  pastel (~> 0.7.2)
  rake (= 12.3.3)
  tty-spinner (= 0.9.0)

BUNDLED WITH
   1.17.3
